GEM
  remote: https://rubygems.org/
  specs:
    codecov (0.1.9)
      json
      simplecov
      url
    docile (1.1.5)
    json (2.0.2)
    rake (12.0.0)
    simplecov (0.12.0)
      docile (~> 1.1.0)
      json (>= 1.8, < 3)
      simplecov-html (~> 0.10.0)
    simplecov-html (0.10.0)
    url (0.3.2)

PLATFORMS
  ruby

DEPENDENCIES
  codecov
  rake

BUNDLED WITH
   1.12.5
